GIT
  remote: https://github.com/gouf/lita-amazon_jp_search
  revision: 7508655201329fb7959c553af44e3787759c3fb3
  specs:
    lita-amazon_jp_search (0.1.2)
      lita (>= 4.7)
      mechanize

GIT
  remote: https://github.com/gouf/lita-lottery
  revision: 5d86e4303ea16e9321af291288bc5a09c2670bee
  specs:
    lita-lottery (0.1.0)
      lita (>= 4.7)

GIT
  remote: https://github.com/gouf/lita-omikuji
  revision: e18560607d0161cab196153c934f393c5bdc3b78
  specs:
    lita-omikuji (0.0.1)
      lita (>= 4.0)

GIT
  remote: https://github.com/gouf/lita-random_name
  revision: 9072eaab6d003f6816078b7036c978e40bd69abd
  specs:
    lita-random_name (0.2.0)
      faker
      forgery
      lita (>= 4.7)
      randexp

GIT
  remote: https://github.com/gouf/lita-weather
  revision: ad46e4e74c8afe3896baddf656d362b0a40383f0
  specs:
    lita-weather (0.1.2)
      lita (>= 4.7)
      mechanize

GEM
  remote: https://rubygems.org/
  specs:
    domain_name (0.5.20161129)
      unf (>= 0.0.5, < 1.0.0)
    eventmachine (1.2.1)
    faker (1.6.6)
      i18n (~> 0.5)
    faraday (0.10.0)
      multipart-post (>= 1.2, < 3)
    faye-websocket (0.10.5)
      eventmachine (>= 0.12.0)
      websocket-driver (>= 0.5.1)
    forgery (0.6.0)
    http-cookie (1.0.3)
      domain_name (~> 0.5)
    http_router (0.11.2)
      rack (>= 1.0.0)
      url_mount (~> 0.2.1)
    i18n (0.7.0)
    ice_nine (0.11.2)
    lita (4.7.1)
      bundler (>= 1.3)
      faraday (>= 0.8.7)
      http_router (>= 0.11.2)
      i18n (>= 0.6.9)
      ice_nine (>= 0.11.0)
      multi_json (>= 1.7.7)
      puma (>= 2.7.1)
      rack (>= 1.5.2, < 2.0.0)
      rb-readline (>= 0.5.1)
      redis-namespace (>= 1.3.0)
      thor (>= 0.18.1)
    lita-slack (1.8.0)
      eventmachine
      faraday
      faye-websocket (>= 0.8.0)
      lita (>= 4.7.1)
      multi_json
    mechanize (2.7.5)
      domain_name (~> 0.5, >= 0.5.1)
      http-cookie (~> 1.0)
      mime-types (>= 1.17.2)
      net-http-digest_auth (~> 1.1, >= 1.1.1)
      net-http-persistent (~> 2.5, >= 2.5.2)
      nokogiri (~> 1.6)
      ntlm-http (~> 0.1, >= 0.1.1)
      webrobots (>= 0.0.9, < 0.2)
    mime-types (3.1)
      mime-types-data (~> 3.2015)
    mime-types-data (3.2016.0521)
    mini_portile2 (2.1.0)
    multi_json (1.12.1)
    multipart-post (2.0.0)
    net-http-digest_auth (1.4)
    net-http-persistent (2.9.4)
    nokogiri (1.6.8.1)
      mini_portile2 (~> 2.1.0)
    ntlm-http (0.1.1)
    puma (3.6.2)
    rack (1.6.5)
    randexp (0.1.7)
    rb-readline (0.5.3)
    redis (3.3.2)
    redis-namespace (1.5.2)
      redis (~> 3.0, >= 3.0.4)
    thor (0.19.4)
    unf (0.1.4)
      unf_ext
    unf_ext (0.0.7.2)
    url_mount (0.2.1)
      rack
    webrobots (0.1.2)
    websocket-driver (0.6.4)
      websocket-extensions (>= 0.1.0)
    websocket-extensions (0.1.2)

PLATFORMS
  ruby

DEPENDENCIES
  lita
  lita-amazon_jp_search!
  lita-lottery!
  lita-omikuji!
  lita-random_name!
  lita-slack
  lita-weather!

RUBY VERSION
   ruby 2.3.1p112

BUNDLED WITH
   1.13.6
