GIT
  remote: git://github.com/gouf/lita-amazon_jp_search.git
  revision: 5a0c2d2395f5277125c4f5e1225b11d64348eee0
  specs:
    lita-amazon_jp_search (0.1.0)
      lita (>= 4.7)
      mechanize

GIT
  remote: git://github.com/gouf/lita-omikuji.git
  revision: e18560607d0161cab196153c934f393c5bdc3b78
  specs:
    lita-omikuji (0.0.1)
      lita (>= 4.0)

GIT
  remote: git://github.com/gouf/lita-weather.git
  revision: ad46e4e74c8afe3896baddf656d362b0a40383f0
  specs:
    lita-weather (0.1.2)
      lita (>= 4.7)
      mechanize

GEM
  remote: https://rubygems.org/
  specs:
    domain_name (0.5.20160128)
      unf (>= 0.0.5, < 1.0.0)
    eventmachine (1.0.9.1)
    faraday (0.9.2)
      multipart-post (>= 1.2, < 3)
    faye-websocket (0.10.2)
      eventmachine (>= 0.12.0)
      websocket-driver (>= 0.5.1)
    http-cookie (1.0.2)
      domain_name (~> 0.5)
    http_router (0.11.2)
      rack (>= 1.0.0)
      url_mount (~> 0.2.1)
    i18n (0.7.0)
    ice_nine (0.11.2)
    lita (4.7.0)
      bundler (>= 1.3)
      faraday (>= 0.8.7)
      http_router (>= 0.11.2)
      i18n (>= 0.6.9)
      ice_nine (>= 0.11.0)
      multi_json (>= 1.7.7)
      puma (>= 2.7.1)
      rack (>= 1.5.2)
      rb-readline (>= 0.5.1)
      redis-namespace (>= 1.3.0)
      thor (>= 0.18.1)
    lita-slack (1.7.2)
      eventmachine
      faraday
      faye-websocket (>= 0.8.0)
      lita (>= 4.6.0)
      multi_json
    mechanize (2.7.4)
      domain_name (~> 0.5, >= 0.5.1)
      http-cookie (~> 1.0)
      mime-types (>= 1.17.2, < 3)
      net-http-digest_auth (~> 1.1, >= 1.1.1)
      net-http-persistent (~> 2.5, >= 2.5.2)
      nokogiri (~> 1.6)
      ntlm-http (~> 0.1, >= 0.1.1)
      webrobots (>= 0.0.9, < 0.2)
    mime-types (2.99)
    mini_portile2 (2.0.0)
    multi_json (1.11.2)
    multipart-post (2.0.0)
    net-http-digest_auth (1.4)
    net-http-persistent (2.9.4)
    nokogiri (1.6.7.2)
      mini_portile2 (~> 2.0.0.rc2)
    ntlm-http (0.1.1)
    puma (2.16.0)
    rack (1.6.4)
    rb-readline (0.5.3)
    redis (3.2.2)
    redis-namespace (1.5.2)
      redis (~> 3.0, >= 3.0.4)
    thor (0.19.1)
    unf (0.1.4)
      unf_ext
    unf_ext (0.0.7.2)
    url_mount (0.2.1)
      rack
    webrobots (0.1.2)
    websocket-driver (0.6.3)
      websocket-extensions (>= 0.1.0)
    websocket-extensions (0.1.2)

PLATFORMS
  ruby

DEPENDENCIES
  lita
  lita-amazon_jp_search!
  lita-omikuji!
  lita-slack
  lita-weather!

BUNDLED WITH
   1.11.2
