GIT
  remote: https://github.com/gouf/lita-amazon_jp_search
  revision: 7508655201329fb7959c553af44e3787759c3fb3
  specs:
    lita-amazon_jp_search (0.1.2)
      lita (>= 4.7)
      mechanize

GIT
  remote: https://github.com/gouf/lita-lottery
  revision: 5b959b2c5ad7476e64fe92af6fb16a225b1b8569
  specs:
    lita-lottery (0.1.0)
      lita (>= 4.7)

GIT
  remote: https://github.com/gouf/lita-ofuton
  revision: 4c59e16388677dcbd8649daefee2cd361dddc0fe
  specs:
    lita-ofuton (0.1.0)
      lita (>= 4.7)
      mechanize
      slack-ruby-client

GIT
  remote: https://github.com/gouf/lita-omikuji
  revision: e18560607d0161cab196153c934f393c5bdc3b78
  specs:
    lita-omikuji (0.0.1)
      lita (>= 4.0)

GIT
  remote: https://github.com/gouf/lita-parrot
  revision: e48e4dbbca8dd73994c92be22dc9544075c3e9c7
  specs:
    lita-parrot (0.1.3)
      lita (>= 4.7)
      slack-ruby-client

GIT
  remote: https://github.com/gouf/lita-random_name
  revision: 9072eaab6d003f6816078b7036c978e40bd69abd
  specs:
    lita-random_name (0.2.0)
      faker
      forgery
      lita (>= 4.7)
      randexp

GIT
  remote: https://github.com/gouf/lita-usagiga
  revision: a4a70908b8a7ae4be7483a471520460597c8cb29
  specs:
    lita-usagiga (0.1.0)
      lita (>= 4.7)
      mechanize

GIT
  remote: https://github.com/gouf/lita-weather
  revision: ad46e4e74c8afe3896baddf656d362b0a40383f0
  specs:
    lita-weather (0.1.2)
      lita (>= 4.7)
      mechanize

GIT
  remote: https://github.com/gouf/lita-yaruki
  revision: 3102cf8fa0adc9c1dc6775e1ea5e16d4a7962c6f
  specs:
    lita-yaruki (0.1.0)
      lita (>= 4.7)
      shindan
      slack-ruby-client

GIT
  remote: https://github.com/gouf/shindan
  revision: 067ea7d29bf018c794e12be550077ad7ed8f09f4
  specs:
    shindan (0.1.0)
      mechanize

GEM
  remote: https://rubygems.org/
  specs:
    activesupport (5.1.4)
      concurrent-ruby (~> 1.0, >= 1.0.2)
      i18n (~> 0.7)
      minitest (~> 5.1)
      tzinfo (~> 1.1)
    concurrent-ruby (1.0.5)
    diff-lcs (1.3)
    domain_name (0.5.20170404)
      unf (>= 0.0.5, < 1.0.0)
    eventmachine (1.2.5)
    faker (1.8.7)
      i18n (>= 0.7)
    faraday (0.13.1)
      multipart-post (>= 1.2, < 3)
    faraday_middleware (0.12.2)
      faraday (>= 0.7.4, < 1.0)
    faye-websocket (0.10.7)
      eventmachine (>= 0.12.0)
      websocket-driver (>= 0.5.1)
    forgery (0.7.0)
    gli (2.17.1)
    hashie (3.5.7)
    http-cookie (1.0.3)
      domain_name (~> 0.5)
    http_router (0.11.2)
      rack (>= 1.0.0)
      url_mount (~> 0.2.1)
    i18n (0.9.1)
      concurrent-ruby (~> 1.0)
    ice_nine (0.11.2)
    lita (4.7.1)
      bundler (>= 1.3)
      faraday (>= 0.8.7)
      http_router (>= 0.11.2)
      i18n (>= 0.6.9)
      ice_nine (>= 0.11.0)
      multi_json (>= 1.7.7)
      puma (>= 2.7.1)
      rack (>= 1.5.2, < 2.0.0)
      rb-readline (>= 0.5.1)
      redis-namespace (>= 1.3.0)
      thor (>= 0.18.1)
    lita-slack (1.8.0)
      eventmachine
      faraday
      faye-websocket (>= 0.8.0)
      lita (>= 4.7.1)
      multi_json
    mechanize (2.7.5)
      domain_name (~> 0.5, >= 0.5.1)
      http-cookie (~> 1.0)
      mime-types (>= 1.17.2)
      net-http-digest_auth (~> 1.1, >= 1.1.1)
      net-http-persistent (~> 2.5, >= 2.5.2)
      nokogiri (~> 1.6)
      ntlm-http (~> 0.1, >= 0.1.1)
      webrobots (>= 0.0.9, < 0.2)
    mime-types (3.1)
      mime-types-data (~> 3.2015)
    mime-types-data (3.2016.0521)
    mini_portile2 (2.3.0)
    minitest (5.11.1)
    multi_json (1.13.1)
    multipart-post (2.0.0)
    net-http-digest_auth (1.4.1)
    net-http-persistent (2.9.4)
    nokogiri (1.8.1)
      mini_portile2 (~> 2.3.0)
    ntlm-http (0.1.1)
    puma (3.11.0)
    rack (1.6.8)
    rake (12.3.0)
    randexp (0.1.7)
    rb-readline (0.5.5)
    redis (4.0.1)
    redis-namespace (1.6.0)
      redis (>= 3.0.4)
    rspec (3.7.0)
      rspec-core (~> 3.7.0)
      rspec-expectations (~> 3.7.0)
      rspec-mocks (~> 3.7.0)
    rspec-core (3.7.1)
      rspec-support (~> 3.7.0)
    rspec-expectations (3.7.0)
      diff-lcs (>= 1.2.0, < 2.0)
      rspec-support (~> 3.7.0)
    rspec-mocks (3.7.0)
      diff-lcs (>= 1.2.0, < 2.0)
      rspec-support (~> 3.7.0)
    rspec-support (3.7.0)
    slack-ruby-client (0.11.0)
      activesupport
      faraday (>= 0.9)
      faraday_middleware
      gli
      hashie
      websocket-driver
    thor (0.20.0)
    thread_safe (0.3.6)
    tzinfo (1.2.4)
      thread_safe (~> 0.1)
    unf (0.1.4)
      unf_ext
    unf_ext (0.0.7.4)
    url_mount (0.2.1)
      rack
    webrobots (0.1.2)
    websocket-driver (0.7.0)
      websocket-extensions (>= 0.1.0)
    websocket-extensions (0.1.3)

PLATFORMS
  ruby

DEPENDENCIES
  lita
  lita-amazon_jp_search!
  lita-lottery!
  lita-ofuton!
  lita-omikuji!
  lita-parrot!
  lita-random_name!
  lita-slack
  lita-usagiga!
  lita-weather!
  lita-yaruki!
  rake
  rspec
  shindan!

BUNDLED WITH
   1.15.3
